GIT
  remote: https://github.com/mitchellh/vagrant.git
  revision: 78ea5e4a78ce644717ab16d8001ab77430168f0f
  tag: v1.7.4
  specs:
    vagrant (1.7.4)
      bundler (>= 1.5.2, <= 1.10.5)
      childprocess (~> 0.5.0)
      erubis (~> 2.7.0)
      hashicorp-checkpoint (~> 0.1.1)
      i18n (>= 0.6.0, <= 0.8.0)
      listen (~> 3.0.2)
      log4r (~> 1.1.9, < 1.1.11)
      net-scp (~> 1.1.0)
      net-sftp (~> 2.1)
      net-ssh (>= 2.6.6, < 2.10.0)
      nokogiri (= 1.6.3.1)
      rb-kqueue (~> 0.2.0)
      rest-client (>= 1.6.0, < 2.0)
      wdm (~> 0.1.0)
      winrm (~> 1.3)
      winrm-fs (~> 0.2.0)

PATH
  remote: .
  specs:
    vagrant-aws-route53-ng (1.0.2.pre3)
      aws-sdk-v1

GEM
  remote: https://rubygems.org/
  specs:
    CFPropertyList (2.3.0)
    awesome_print (1.2.0)
    aws-sdk-v1 (1.56.0)
      json (~> 1.4)
      nokogiri (>= 1.4.4)
    builder (3.2.2)
    childprocess (0.5.9)
      ffi (~> 1.0, >= 1.0.11)
    domain_name (0.5.25)
      unf (>= 0.0.5, < 1.0.0)
    erubis (2.7.0)
    excon (0.44.2)
    ffi (1.9.10)
    fission (0.5.0)
      CFPropertyList (~> 2.2)
    fog (1.27.0)
      fog-atmos
      fog-aws (~> 0.0)
      fog-brightbox (~> 0.4)
      fog-core (~> 1.27, >= 1.27.3)
      fog-ecloud
      fog-json
      fog-profitbricks
      fog-radosgw (>= 0.0.2)
      fog-sakuracloud (>= 0.0.4)
      fog-serverlove
      fog-softlayer
      fog-storm_on_demand
      fog-terremark
      fog-vmfusion
      fog-voxel
      fog-xml (~> 0.1.1)
      ipaddress (~> 0.5)
      nokogiri (~> 1.5, >= 1.5.11)
    fog-atmos (0.1.0)
      fog-core
      fog-xml
    fog-aws (0.1.0)
      fog-core (~> 1.27)
      fog-json (~> 1.0)
      fog-xml (~> 0.1)
      ipaddress (~> 0.8)
    fog-brightbox (0.7.1)
      fog-core (~> 1.22)
      fog-json
      inflecto (~> 0.0.2)
    fog-core (1.28.0)
      builder
      excon (~> 0.38)
      formatador (~> 0.2)
      mime-types
      net-scp (~> 1.1)
      net-ssh (>= 2.1.3)
    fog-ecloud (0.0.2)
      fog-core
      fog-xml
    fog-json (1.0.0)
      multi_json (~> 1.0)
    fog-profitbricks (0.0.1)
      fog-core
      fog-xml
      nokogiri
    fog-radosgw (0.0.3)
      fog-core (>= 1.21.0)
      fog-json
      fog-xml (>= 0.0.1)
    fog-sakuracloud (1.0.0)
      fog-core
      fog-json
    fog-serverlove (0.1.1)
      fog-core
      fog-json
    fog-softlayer (0.4.0)
      fog-core
      fog-json
    fog-storm_on_demand (0.1.0)
      fog-core
      fog-json
    fog-terremark (0.0.3)
      fog-core
      fog-xml
    fog-vmfusion (0.0.1)
      fission
      fog-core
    fog-voxel (0.0.2)
      fog-core
      fog-xml
    fog-xml (0.1.1)
      fog-core
      nokogiri (~> 1.5, >= 1.5.11)
    formatador (0.2.5)
    gssapi (1.2.0)
      ffi (>= 1.0.1)
    gyoku (1.3.1)
      builder (>= 2.1.2)
    hashicorp-checkpoint (0.1.4)
    http-cookie (1.0.2)
      domain_name (~> 0.5)
    httpclient (2.7.1)
    i18n (0.7.0)
    inflecto (0.0.2)
    ipaddress (0.8.0)
    json (1.8.1)
    listen (3.0.5)
      rb-fsevent (>= 0.9.3)
      rb-inotify (>= 0.9)
    little-plugger (1.1.4)
    log4r (1.1.10)
    logging (1.8.2)
      little-plugger (>= 1.1.3)
      multi_json (>= 1.8.4)
    mime-types (2.4.3)
    mini_portile (0.6.0)
    multi_json (1.10.1)
    net-scp (1.1.2)
      net-ssh (>= 2.6.5)
    net-sftp (2.1.2)
      net-ssh (>= 2.6.5)
    net-ssh (2.9.2)
    netrc (0.11.0)
    nokogiri (1.6.3.1)
      mini_portile (= 0.6.0)
    nori (2.6.0)
    rb-fsevent (0.9.7)
    rb-inotify (0.9.5)
      ffi (>= 0.5.0)
    rb-kqueue (0.2.4)
      ffi (>= 0.5.0)
    rest-client (1.8.0)
      http-cookie (>= 1.0.2, < 2.0)
      mime-types (>= 1.16, < 3.0)
      netrc (~> 0.7)
    rubyntlm (0.4.0)
    rubyzip (1.1.7)
    unf (0.1.4)
      unf_ext
    unf_ext (0.0.7.1)
    uuidtools (2.1.5)
    vagrant-aws (0.6.0)
      fog (~> 1.22)
    wdm (0.1.1)
    winrm (1.3.6)
      builder (>= 2.1.2)
      gssapi (~> 1.2)
      gyoku (~> 1.0)
      httpclient (~> 2.2, >= 2.2.0.2)
      logging (>= 1.6.1, < 3.0)
      nori (~> 2.0)
      rubyntlm (~> 0.4.0)
      uuidtools (~> 2.1.2)
    winrm-fs (0.2.3)
      erubis (~> 2.7)
      logging (~> 1.6, >= 1.6.1)
      rubyzip (~> 1.1)
      winrm (~> 1.3.0)

PLATFORMS
  ruby

DEPENDENCIES
  awesome_print
  aws-sdk-v1
  vagrant!
  vagrant-aws (= 0.6.0)
  vagrant-aws-route53-ng!
